GEM
  remote: https://rubygems.org/
  specs:
    faraday (1.2.0)
      multipart-post (>= 1.2, < 3)
      ruby2_keywords
    faraday_middleware (1.0.0)
      faraday (~> 1.0)
    mini_portile2 (2.8.1)
    multipart-post (2.1.1)
    nokogiri (1.13.10)
      mini_portile2 (~> 2.8.0)
      racc (~> 1.4)
    racc (1.6.2)
    ruby2_keywords (0.0.2)

PLATFORMS
  ruby

DEPENDENCIES
  faraday
  faraday_middleware
  nokogiri

RUBY VERSION
   ruby 2.6.3p62

BUNDLED WITH
   1.17.2
